{
	"Modality": "MR",
	"MagneticFieldStrength": 3,
	"ImagingFrequency": 123.177,
	"Manufacturer": "Siemens",
	"ManufacturersModelName": "TrioTim",
	"InstitutionName": "SNUBIC",
	"InstitutionalDepartmentName": "Department",
	"InstitutionAddress": "kwanakro_599_C4F276_Seoul_KR_ZIP",
	"DeviceSerialNumber": "35422",
	"StationName": "MRC35422",
	"PatientPosition": "HFS",
	"ProcedureStepDescription": "SNU_SAVED",
	"SoftwareVersions": "syngo_MR_B17",
	"MRAcquisitionType": "3D",
	"SeriesDescription": "t1_mpr_InPlane_FoV288_ISO2.3_whole",
	"ProtocolName": "t1_mpr_InPlane_FoV288_ISO2.3_whole",
	"ScanningSequence": "GR_IR",
	"SequenceVariant": "SP_MP",
	"ScanOptions": "IR",
	"SequenceName": "_tfl3d1",
	"ImageType": ["ORIGINAL", "PRIMARY", "M", "ND"],
	"SeriesNumber": 6,
	"AcquisitionTime": "18:41:35.567500",
	"AcquisitionNumber": 1,
	"SliceThickness": 2.3,
	"SAR": 0.176614,
	"EchoTime": 0.00251,
	"RepetitionTime": 1.2,
	"InversionTime": 0.7,
	"FlipAngle": 9,
	"PartialFourier": 1,
	"BaseResolution": 128,
	"ShimSetting": [
		-4164,
		-29654,
		-2461,
		59,
		-165,
		581,
		-62,
		-4	],
	"TxRefAmp": 400.201,
	"PhaseResolution": 1,
	"ReceiveCoilName": "32Ch_Head",
	"CoilString": "C:HEA;HEP",
	"PulseSequenceDetails": "%SiemensSeq%_tfl",
	"RefLinesPE": 24,
	"PercentPhaseFOV": 100,
	"PhaseEncodingSteps": 127,
	"AcquisitionMatrixPE": 128,
	"ReconMatrixPE": 128,
	"ParallelReductionFactorInPlane": 2,
	"PixelBandwidth": 179,
	"DwellTime": 2.18e-05,
	"ImageOrientationPatientDICOM": [
		0.999988,
		-0.000886498,
		-0.00478366,
		2.52975e-10,
		0.983259,
		-0.182215	],
	"InPlanePhaseEncodingDirectionDICOM": "ROW",
	"ConversionSoftware": "dcm2niix",
	"ConversionSoftwareVersion": "v1.0.20190902"
}
