{"Modality": "MR", "MagneticFieldStrength": 3, "ImagingFrequency": 123.178, "Manufacturer": "Siemens", "ManufacturersModelName": "TrioTim", "InstitutionName": "SNUBIC", "InstitutionalDepartmentName": "Department", "InstitutionAddress": "kwanakro_599_C4F276_Seoul_KR_ZIP", "DeviceSerialNumber": "35422", "StationName": "MRC35422", "PatientPosition": "HFS", "ProcedureStepDescription": "SNU_SAVED", "SoftwareVersions": "syngo_MR_B17", "MRAcquisitionType": "2D", "SeriesDescription": "REST_MB1_BLIP_RL", "ProtocolName": "REST_MB1_BLIP_RL", "ScanningSequence": "EP", "SequenceVariant": "SK_SS", "ScanOptions": "FS", "SequenceName": "epfid2d1_110", "ImageType": ["ORIGINAL", "PRIMARY", "M", "ND", "MOSAIC"], "SeriesNumber": 52, "AcquisitionTime": "19:45:38.035000", "AcquisitionNumber": 1, "SliceThickness": 2.3, "SpacingBetweenSlices": 2.3, "SAR": 0.172026, "EchoTime": 0.03, "RepetitionTime": 4.12, "FlipAngle": 85, "PartialFourier": 1, "BaseResolution": 110, "ShimSetting": [-4157, -29751, -2013, 584, -181, 310, -41, -71], "TxRefAmp": 314.475, "PhaseResolution": 1, "ReceiveCoilName": "32Ch_Head", "CoilString": "C:HEA;HEP", "PulseSequenceDetails": "%CustomerSeq%_cmrr_mbep2d_bold", "RefLinesPE": 32, "PercentPhaseFOV": 100, "PhaseEncodingSteps": 110, "AcquisitionMatrixPE": 110, "ReconMatrixPE": 110, "BandwidthPerPixelPhaseEncode": 26.35, "ParallelReductionFactorInPlane": 2, "EffectiveEchoSpacing": 0.000345006, "DerivedVendorReportedEchoSpacing": 0.000690012, "TotalReadoutTime": 0.0376057, "PixelBandwidth": 1748, "DwellTime": 2.6e-06, "PhaseEncodingDirection": "j-", "SliceTiming": [2.07, 0, 2.1325, 0.065, 2.1975, 0.13, 2.2625, 0.195, 2.3275, 0.26, 2.3925, 0.325, 2.4575, 0.39, 2.5225, 0.4525, 2.585, 0.5175, 2.65, 0.5825, 2.715, 0.6475, 2.78, 0.7125, 2.845, 0.7775, 2.91, 0.84, 2.9725, 0.905, 3.0375, 0.97, 3.1025, 1.035, 3.1675, 1.1, 3.2325, 1.165, 3.2975, 1.23, 3.3625, 1.2925, 3.425, 1.3575, 3.49, 1.4225, 3.555, 1.4875, 3.62, 1.5525, 3.685, 1.6175, 3.75, 1.68, 3.8125, 1.745, 3.8775, 1.81, 3.9425, 1.875, 4.0075, 1.94, 4.0725, 2.005], "ImageOrientationPatientDICOM": [0.999782, 0.00268895, 0.0207011, 1.51744e-08, 0.991669, -0.128813], "InPlanePhaseEncodingDirectionDICOM": "COL", "ConversionSoftware": "dcm2niix", "ConversionSoftwareVersion": "v1.0.20190902", "TaskName": "Resting"}