{
	"Modality": "MR",
	"MagneticFieldStrength": 3,
	"ImagingFrequency": 123.177,
	"Manufacturer": "Siemens",
	"ManufacturersModelName": "TrioTim",
	"InstitutionName": "SNUBIC",
	"InstitutionalDepartmentName": "Department",
	"InstitutionAddress": "kwanakro_599_C6F879_Seoul_KR_ZIP",
	"DeviceSerialNumber": "35422",
	"StationName": "MRC35422",
	"PatientPosition": "HFS",
	"ProcedureStepDescription": "SNU_SAVED",
	"SoftwareVersions": "syngo_MR_B17",
	"MRAcquisitionType": "3D",
	"SeriesDescription": "T1",
	"ProtocolName": "T1",
	"ScanningSequence": "GR_IR",
	"SequenceVariant": "SP_MP",
	"ScanOptions": "IR_WE",
	"SequenceName": "_tfl3d1_ns",
	"ImageType": ["ORIGINAL", "PRIMARY", "M", "ND", "NORM"],
	"SeriesNumber": 2,
	"AcquisitionTime": "13:01:43.405000",
	"AcquisitionNumber": 1,
	"SliceThickness": 0.85,
	"SAR": 0.0976529,
	"EchoTime": 0.00219,
	"RepetitionTime": 2.4,
	"InversionTime": 1,
	"FlipAngle": 8,
	"PartialFourier": 1,
	"BaseResolution": 320,
	"ShimSetting": [
		-4174,
		-29793,
		-2105,
		204,
		-92,
		287,
		239,
		-64	],
	"TxRefAmp": 423.711,
	"PhaseResolution": 1,
	"ReceiveCoilName": "32Ch_Head",
	"CoilString": "C:HEA;HEP",
	"PulseSequenceDetails": "%SiemensSeq%_tfl",
	"RefLinesPE": 32,
	"PercentPhaseFOV": 100,
	"PercentSampling": 100,
	"PhaseEncodingSteps": 319,
	"AcquisitionMatrixPE": 320,
	"ReconMatrixPE": 320,
	"ParallelReductionFactorInPlane": 2,
	"PixelBandwidth": 211,
	"DwellTime": 7.4e-06,
	"ImageOrientationPatientDICOM": [
		0.0435436,
		0.999052,
		-4.65349e-08,
		0.0209946,
		-0.000915094,
		-0.999779	],
	"InPlanePhaseEncodingDirectionDICOM": "ROW",
	"ConversionSoftware": "dcm2niix",
	"ConversionSoftwareVersion": "v1.0.20200331"
}
