{
    "Modality": "MR",
    "MagneticFieldStrength": 3,
    "ImagingFrequency": 123.177,
    "Manufacturer": "Siemens",
    "ManufacturersModelName": "TrioTim",
    "InstitutionName": "SNUBIC",
    "InstitutionalDepartmentName": "Department",
    "InstitutionAddress": "kwanakro_599_C6F879_Seoul_KR_ZIP",
    "DeviceSerialNumber": "35422",
    "StationName": "MRC35422",
    "PatientPosition": "HFS",
    "ProcedureStepDescription": "SNU_SAVED",
    "SoftwareVersions": "syngo_MR_B17",
    "MRAcquisitionType": "2D",
    "SeriesDescription": "TASK_MB4_RL_96",
    "ProtocolName": "TASK_MB4_RL_96",
    "ScanningSequence": "EP",
    "SequenceVariant": "SK_SS",
    "ScanOptions": "FS",
    "SequenceName": "epfid2d1_110",
    "ImageType": [
        "ORIGINAL",
        "PRIMARY",
        "FMRI",
        "NONE",
        "MB",
        "ND",
        "MOSAIC"
    ],
    "SeriesNumber": 10,
    "AcquisitionTime": "11:21:57.825000",
    "AcquisitionNumber": 1,
    "ImageComments": "Unaliased_MB4_PE4_LB",
    "SliceThickness": 2.3,
    "SpacingBetweenSlices": 2.3,
    "SAR": 0.0741971,
    "EchoTime": 0.03,
    "RepetitionTime": 2,
    "FlipAngle": 77,
    "PartialFourier": 1,
    "BaseResolution": 110,
    "ShimSetting": [
        -4144,
        -29722,
        -2062,
        641,
        -51,
        655,
        87,
        -35
    ],
    "TxRefAmp": 297.726,
    "PhaseResolution": 1,
    "ReceiveCoilName": "32Ch_Head",
    "CoilString": "C:HEA;HEP",
    "PulseSequenceDetails": "%CustomerSeq%_cmrr_mbep2d_bold",
    "RefLinesPE": 32,
    "MultibandAccelerationFactor": 4,
    "PercentPhaseFOV": 100,
    "PercentSampling": 100,
    "PhaseEncodingSteps": 110,
    "AcquisitionMatrixPE": 110,
    "ReconMatrixPE": 110,
    "BandwidthPerPixelPhaseEncode": 26.35,
    "ParallelReductionFactorInPlane": 2,
    "EffectiveEchoSpacing": 0.000345006,
    "DerivedVendorReportedEchoSpacing": 0.000690012,
    "TotalReadoutTime": 0.0376057,
    "PixelBandwidth": 1748,
    "DwellTime": 2.6e-06,
    "PhaseEncodingDirection": "i-",
    "SliceTiming": [
        0,
        0.8775,
        1.7575,
        0.6275,
        1.505,
        0.3775,
        1.255,
        0.125,
        1.005,
        1.8825,
        0.7525,
        1.63,
        0.5025,
        1.38,
        0.25,
        1.13,
        0,
        0.8775,
        1.7575,
        0.6275,
        1.505,
        0.3775,
        1.255,
        0.125,
        1.005,
        1.8825,
        0.7525,
        1.63,
        0.5025,
        1.38,
        0.25,
        1.13,
        0,
        0.8775,
        1.7575,
        0.6275,
        1.505,
        0.3775,
        1.255,
        0.125,
        1.005,
        1.8825,
        0.7525,
        1.63,
        0.5025,
        1.38,
        0.25,
        1.13,
        0,
        0.8775,
        1.7575,
        0.6275,
        1.505,
        0.3775,
        1.255,
        0.125,
        1.005,
        1.8825,
        0.7525,
        1.63,
        0.5025,
        1.38,
        0.25,
        1.13
    ],
    "ImageOrientationPatientDICOM": [
        0.999925,
        -0.0023628,
        -0.0120419,
        2.81507e-10,
        0.981288,
        -0.192543
    ],
    "InPlanePhaseEncodingDirectionDICOM": "ROW",
    "ConversionSoftware": "dcm2niix",
    "ConversionSoftwareVersion": "v1.0.20200331",
    "TaskName": "Retino"
}