{
    "Modality": "MR",
    "MagneticFieldStrength": 3,
    "ImagingFrequency": 123.177,
    "Manufacturer": "Siemens",
    "ManufacturersModelName": "TrioTim",
    "InstitutionName": "SNUBIC",
    "InstitutionalDepartmentName": "Department",
    "InstitutionAddress": "kwanakro_599_C6F879_Seoul_KR_ZIP",
    "DeviceSerialNumber": "35422",
    "StationName": "MRC35422",
    "PatientPosition": "HFS",
    "ProcedureStepDescription": "SNU_SAVED",
    "SoftwareVersions": "syngo_MR_B17",
    "MRAcquisitionType": "2D",
    "SeriesDescription": "REST_MB1_BLIP_RL",
    "ProtocolName": "REST_MB1_BLIP_RL",
    "ScanningSequence": "EP",
    "SequenceVariant": "SK_SS",
    "ScanOptions": "FS",
    "SequenceName": "epfid2d1_110",
    "ImageType": [
        "ORIGINAL",
        "PRIMARY",
        "M",
        "ND",
        "MOSAIC"
    ],
    "SeriesNumber": 10,
    "AcquisitionTime": "16:17:10.932500",
    "AcquisitionNumber": 1,
    "SliceThickness": 2.3,
    "SpacingBetweenSlices": 2.3,
    "SAR": 0.172247,
    "EchoTime": 0.03,
    "RepetitionTime": 4.12,
    "FlipAngle": 85,
    "PartialFourier": 1,
    "BaseResolution": 110,
    "ShimSetting": [
        -4113,
        -29853,
        -2054,
        491,
        -77,
        -74,
        5,
        -55
    ],
    "TxRefAmp": 323.878,
    "PhaseResolution": 1,
    "ReceiveCoilName": "32Ch_Head",
    "CoilString": "C:HEA;HEP",
    "PulseSequenceDetails": "%CustomerSeq%_cmrr_mbep2d_bold",
    "RefLinesPE": 32,
    "PercentPhaseFOV": 100,
    "PercentSampling": 100,
    "PhaseEncodingSteps": 110,
    "AcquisitionMatrixPE": 110,
    "ReconMatrixPE": 110,
    "BandwidthPerPixelPhaseEncode": 26.35,
    "ParallelReductionFactorInPlane": 2,
    "EffectiveEchoSpacing": 0.000345006,
    "DerivedVendorReportedEchoSpacing": 0.000690012,
    "TotalReadoutTime": 0.0376057,
    "PixelBandwidth": 1748,
    "DwellTime": 2.6e-06,
    "PhaseEncodingDirection": "i",
    "SliceTiming": [
        2.0675,
        0,
        2.1325,
        0.065,
        2.1975,
        0.13,
        2.2625,
        0.195,
        2.325,
        0.2575,
        2.39,
        0.3225,
        2.455,
        0.3875,
        2.52,
        0.4525,
        2.585,
        0.5175,
        2.65,
        0.5825,
        2.715,
        0.645,
        2.7775,
        0.71,
        2.8425,
        0.775,
        2.9075,
        0.84,
        2.9725,
        0.905,
        3.0375,
        0.97,
        3.1025,
        1.035,
        3.1675,
        1.0975,
        3.23,
        1.1625,
        3.295,
        1.2275,
        3.36,
        1.2925,
        3.425,
        1.3575,
        3.49,
        1.4225,
        3.555,
        1.485,
        3.6175,
        1.55,
        3.6825,
        1.615,
        3.7475,
        1.68,
        3.8125,
        1.745,
        3.8775,
        1.81,
        3.9425,
        1.875,
        4.0075,
        1.9375,
        4.07,
        2.0025
    ],
    "ImageOrientationPatientDICOM": [
        0.999961,
        -0.00153416,
        -0.0086999,
        2.86113e-10,
        0.984805,
        -0.173663
    ],
    "InPlanePhaseEncodingDirectionDICOM": "ROW",
    "ConversionSoftware": "dcm2niix",
    "ConversionSoftwareVersion": "v1.0.20200331",
    "TaskName": "Resting"
}