{
    "Modality": "MR",
    "MagneticFieldStrength": 3,
    "ImagingFrequency": 123.178,
    "Manufacturer": "Siemens",
    "ManufacturersModelName": "TrioTim",
    "InstitutionName": "SNUBIC",
    "InstitutionalDepartmentName": "Department",
    "InstitutionAddress": "kwanakro_599_C4F276_Seoul_KR_ZIP",
    "DeviceSerialNumber": "35422",
    "StationName": "MRC35422",
    "PatientPosition": "HFS",
    "ProcedureStepDescription": "SNU_SAVED",
    "SoftwareVersions": "syngo_MR_B17",
    "MRAcquisitionType": "2D",
    "SeriesDescription": "TASK_MB4_RL_96",
    "ProtocolName": "TASK_MB4_RL_96",
    "ScanningSequence": "EP",
    "SequenceVariant": "SK_SS",
    "ScanOptions": "FS",
    "SequenceName": "epfid2d1_110",
    "ImageType": [
        "ORIGINAL",
        "PRIMARY",
        "FMRI",
        "NONE",
        "MB",
        "ND",
        "MOSAIC"
    ],
    "SeriesNumber": 5,
    "AcquisitionTime": "18:54:42.027500",
    "AcquisitionNumber": 1,
    "ImageComments": "Unaliased_MB4_PE4_LB",
    "SliceThickness": 2.3,
    "SpacingBetweenSlices": 2.3,
    "SAR": 0.0808746,
    "EchoTime": 0.03,
    "RepetitionTime": 2,
    "FlipAngle": 77,
    "PartialFourier": 1,
    "BaseResolution": 110,
    "ShimSetting": [
        -4008,
        -29662,
        -2361,
        501,
        464,
        66,
        -1372,
        -264
    ],
    "TxRefAmp": 296.606,
    "PhaseResolution": 1,
    "ReceiveCoilName": "32Ch_Head",
    "CoilString": "C:HEA;HEP",
    "PulseSequenceDetails": "%CustomerSeq%_cmrr_mbep2d_bold",
    "RefLinesPE": 32,
    "MultibandAccelerationFactor": 4,
    "PercentPhaseFOV": 100,
    "PercentSampling": 100,
    "PhaseEncodingSteps": 110,
    "AcquisitionMatrixPE": 110,
    "ReconMatrixPE": 110,
    "BandwidthPerPixelPhaseEncode": 26.35,
    "ParallelReductionFactorInPlane": 2,
    "EffectiveEchoSpacing": 0.000345006,
    "DerivedVendorReportedEchoSpacing": 0.000690012,
    "TotalReadoutTime": 0.0376057,
    "PixelBandwidth": 1748,
    "DwellTime": 2.6e-06,
    "PhaseEncodingDirection": "i-",
    "SliceTiming": [
        0,
        0.8775,
        1.755,
        0.6275,
        1.505,
        0.375,
        1.255,
        0.125,
        1.0025,
        1.88,
        0.7525,
        1.63,
        0.5,
        1.38,
        0.25,
        1.1275,
        0,
        0.8775,
        1.755,
        0.6275,
        1.505,
        0.375,
        1.255,
        0.125,
        1.0025,
        1.88,
        0.7525,
        1.63,
        0.5,
        1.38,
        0.25,
        1.1275,
        0,
        0.8775,
        1.755,
        0.6275,
        1.505,
        0.375,
        1.255,
        0.125,
        1.0025,
        1.88,
        0.7525,
        1.63,
        0.5,
        1.38,
        0.25,
        1.1275,
        0,
        0.8775,
        1.755,
        0.6275,
        1.505,
        0.375,
        1.255,
        0.125,
        1.0025,
        1.88,
        0.7525,
        1.63,
        0.5,
        1.38,
        0.25,
        1.1275
    ],
    "ImageOrientationPatientDICOM": [
        0.999984,
        0.00150303,
        0.00538388,
        2.35195e-10,
        0.963171,
        -0.268891
    ],
    "InPlanePhaseEncodingDirectionDICOM": "ROW",
    "ConversionSoftware": "dcm2niix",
    "ConversionSoftwareVersion": "v1.0.20200331",
    "TaskName": "Retino"
}