{
	"Modality": "MR",
	"MagneticFieldStrength": 3,
	"ImagingFrequency": 123.201,
	"Manufacturer": "Siemens",
	"ManufacturersModelName": "TrioTim",
	"InstitutionName": "SNUBIC",
	"InstitutionalDepartmentName": "Department",
	"InstitutionAddress": "kwanakro_599_C4F276_Seoul_KR_ZIP",
	"DeviceSerialNumber": "35422",
	"StationName": "MRC35422",
	"PatientPosition": "HFS",
	"ProcedureStepDescription": "SNU_SAVED",
	"SoftwareVersions": "syngo_MR_B17",
	"MRAcquisitionType": "3D",
	"SeriesDescription": "T1",
	"ProtocolName": "T1",
	"ScanningSequence": "GR_IR",
	"SequenceVariant": "SP_MP",
	"ScanOptions": "IR_WE",
	"SequenceName": "_tfl3d1_ns",
	"ImageType": ["ORIGINAL", "PRIMARY", "M", "ND", "NORM"],
	"SeriesNumber": 2,
	"AcquisitionTime": "16:01:59.550000",
	"AcquisitionNumber": 1,
	"SliceThickness": 0.85,
	"SAR": 0.0775589,
	"EchoTime": 0.00219,
	"RepetitionTime": 2.4,
	"InversionTime": 1,
	"FlipAngle": 8,
	"PartialFourier": 1,
	"BaseResolution": 320,
	"ShimSetting": [
		-4273,
		-29764,
		-1988,
		374,
		-127,
		-13,
		-82,
		60	],
	"TxRefAmp": 325.01,
	"PhaseResolution": 1,
	"ReceiveCoilName": "32Ch_Head",
	"CoilString": "C:HEA;HEP",
	"PulseSequenceDetails": "%SiemensSeq%_tfl",
	"RefLinesPE": 32,
	"PercentPhaseFOV": 100,
	"PercentSampling": 100,
	"PhaseEncodingSteps": 319,
	"AcquisitionMatrixPE": 320,
	"ReconMatrixPE": 320,
	"ParallelReductionFactorInPlane": 2,
	"PixelBandwidth": 211,
	"DwellTime": 7.4e-06,
	"ImageOrientationPatientDICOM": [
		-0.0105558,
		0.999944,
		2.86701e-08,
		0.00357428,
		3.77601e-05,
		-0.999994	],
	"InPlanePhaseEncodingDirectionDICOM": "ROW",
	"ConversionSoftware": "dcm2niix",
	"ConversionSoftwareVersion": "v1.0.20200331"
}
