{
    "Modality": "MR",
    "MagneticFieldStrength": 3,
    "ImagingFrequency": 123.178,
    "Manufacturer": "Siemens",
    "ManufacturersModelName": "TrioTim",
    "InstitutionName": "SNUBIC",
    "InstitutionalDepartmentName": "Department",
    "InstitutionAddress": "kwanakro_599_C4F276_Seoul_KR_ZIP",
    "DeviceSerialNumber": "35422",
    "StationName": "MRC35422",
    "PatientPosition": "HFS",
    "ProcedureStepDescription": "SNU_SAVED",
    "SoftwareVersions": "syngo_MR_B17",
    "MRAcquisitionType": "2D",
    "SeriesDescription": "TASK_MB4_LR_SBRef_168",
    "ProtocolName": "TASK_MB4_LR_SBRef_168",
    "ScanningSequence": "EP",
    "SequenceVariant": "SK_SS",
    "ScanOptions": "FS",
    "SequenceName": "epfid2d1_110",
    "ImageType": [
        "ORIGINAL",
        "PRIMARY",
        "FMRI",
        "NONE",
        "MB",
        "ND",
        "MOSAIC"
    ],
    "SeriesNumber": 30,
    "AcquisitionTime": "16:29:12.525000",
    "AcquisitionNumber": 1,
    "ImageComments": "Unaliased_MB4_PE4_LB",
    "SliceThickness": 2.3,
    "SpacingBetweenSlices": 2.3,
    "SAR": 0.100394,
    "EchoTime": 0.03,
    "RepetitionTime": 2,
    "FlipAngle": 77,
    "PartialFourier": 1,
    "BaseResolution": 110,
    "ShimSetting": [
        -4192,
        -29774,
        -1953,
        692,
        -123,
        170,
        -77,
        -42
    ],
    "TxRefAmp": 397.72,
    "PhaseResolution": 1,
    "ReceiveCoilName": "32Ch_Head",
    "CoilString": "C:HEA;HEP",
    "PulseSequenceDetails": "%CustomerSeq%_cmrr_mbep2d_bold",
    "RefLinesPE": 32,
    "MultibandAccelerationFactor": 4,
    "PercentPhaseFOV": 100,
    "PercentSampling": 100,
    "PhaseEncodingSteps": 110,
    "AcquisitionMatrixPE": 110,
    "ReconMatrixPE": 110,
    "BandwidthPerPixelPhaseEncode": 26.35,
    "ParallelReductionFactorInPlane": 2,
    "EffectiveEchoSpacing": 0.000345006,
    "DerivedVendorReportedEchoSpacing": 0.000690012,
    "TotalReadoutTime": 0.0376057,
    "PixelBandwidth": 1748,
    "DwellTime": 2.6e-06,
    "PhaseEncodingDirection": "j",
    "SliceTiming": [
        0,
        0.8775,
        1.755,
        0.6275,
        1.505,
        0.375,
        1.2525,
        0.125,
        1.0025,
        1.88,
        0.7525,
        1.63,
        0.5,
        1.38,
        0.25,
        1.1275,
        0,
        0.8775,
        1.755,
        0.6275,
        1.505,
        0.375,
        1.2525,
        0.125,
        1.0025,
        1.88,
        0.7525,
        1.63,
        0.5,
        1.38,
        0.25,
        1.1275,
        0,
        0.8775,
        1.755,
        0.6275,
        1.505,
        0.375,
        1.2525,
        0.125,
        1.0025,
        1.88,
        0.7525,
        1.63,
        0.5,
        1.38,
        0.25,
        1.1275,
        0,
        0.8775,
        1.755,
        0.6275,
        1.505,
        0.375,
        1.2525,
        0.125,
        1.0025,
        1.88,
        0.7525,
        1.63,
        0.5,
        1.38,
        0.25,
        1.1275
    ],
    "ImageOrientationPatientDICOM": [
        0.999993,
        0.000767607,
        0.00370713,
        1.52677e-09,
        0.979228,
        -0.202762
    ],
    "InPlanePhaseEncodingDirectionDICOM": "COL",
    "ConversionSoftware": "dcm2niix",
    "ConversionSoftwareVersion": "v1.0.20200331",
    "TaskName": "DET"
}