{
    "Modality": "MR",
    "MagneticFieldStrength": 3,
    "ImagingFrequency": 123.177,
    "Manufacturer": "Siemens",
    "ManufacturersModelName": "TrioTim",
    "InstitutionName": "SNUBIC",
    "InstitutionalDepartmentName": "Department",
    "InstitutionAddress": "kwanakro_599_C4F276_Seoul_KR_ZIP",
    "DeviceSerialNumber": "35422",
    "StationName": "MRC35422",
    "PatientPosition": "HFS",
    "ProcedureStepDescription": "SNU_SAVED",
    "SoftwareVersions": "syngo_MR_B17",
    "MRAcquisitionType": "2D",
    "SeriesDescription": "TASK_MB4_LR_SBRef_168",
    "ProtocolName": "TASK_MB4_LR_SBRef_168",
    "ScanningSequence": "EP",
    "SequenceVariant": "SK_SS",
    "ScanOptions": "FS",
    "SequenceName": "epfid2d1_110",
    "ImageType": [
        "ORIGINAL",
        "PRIMARY",
        "FMRI",
        "NONE",
        "MB",
        "ND",
        "MOSAIC"
    ],
    "SeriesNumber": 27,
    "AcquisitionTime": "09:43:21.045000",
    "AcquisitionNumber": 1,
    "ImageComments": "Unaliased_MB4_PE4_LB",
    "SliceThickness": 2.3,
    "SpacingBetweenSlices": 2.3,
    "SAR": 0.0935846,
    "EchoTime": 0.03,
    "RepetitionTime": 2,
    "FlipAngle": 77,
    "PartialFourier": 1,
    "BaseResolution": 110,
    "ShimSetting": [
        -4208,
        -29751,
        -2062,
        453,
        -252,
        426,
        260,
        24
    ],
    "TxRefAmp": 344.844,
    "PhaseResolution": 1,
    "ReceiveCoilName": "32Ch_Head",
    "CoilString": "C:HEA;HEP",
    "PulseSequenceDetails": "%CustomerSeq%_cmrr_mbep2d_bold",
    "RefLinesPE": 32,
    "MultibandAccelerationFactor": 4,
    "PercentPhaseFOV": 100,
    "PercentSampling": 100,
    "PhaseEncodingSteps": 110,
    "AcquisitionMatrixPE": 110,
    "ReconMatrixPE": 110,
    "BandwidthPerPixelPhaseEncode": 26.35,
    "ParallelReductionFactorInPlane": 2,
    "EffectiveEchoSpacing": 0.000345006,
    "DerivedVendorReportedEchoSpacing": 0.000690012,
    "TotalReadoutTime": 0.0376057,
    "PixelBandwidth": 1748,
    "DwellTime": 2.6e-06,
    "PhaseEncodingDirection": "j",
    "SliceTiming": [
        0,
        0.8775,
        1.7575,
        0.6275,
        1.505,
        0.375,
        1.255,
        0.125,
        1.0025,
        1.8825,
        0.7525,
        1.63,
        0.5025,
        1.38,
        0.25,
        1.13,
        0,
        0.8775,
        1.7575,
        0.6275,
        1.505,
        0.375,
        1.255,
        0.125,
        1.0025,
        1.8825,
        0.7525,
        1.63,
        0.5025,
        1.38,
        0.25,
        1.13,
        0,
        0.8775,
        1.7575,
        0.6275,
        1.505,
        0.375,
        1.255,
        0.125,
        1.0025,
        1.8825,
        0.7525,
        1.63,
        0.5025,
        1.38,
        0.25,
        1.13,
        0,
        0.8775,
        1.7575,
        0.6275,
        1.505,
        0.375,
        1.255,
        0.125,
        1.0025,
        1.8825,
        0.7525,
        1.63,
        0.5025,
        1.38,
        0.25,
        1.13
    ],
    "ImageOrientationPatientDICOM": [
        0.999758,
        -0.00411953,
        -0.0215927,
        -1.11079e-09,
        0.982283,
        -0.187403
    ],
    "InPlanePhaseEncodingDirectionDICOM": "COL",
    "ConversionSoftware": "dcm2niix",
    "ConversionSoftwareVersion": "v1.0.20200331",
    "TaskName": "DET"
}