{
    "Modality": "MR",
    "MagneticFieldStrength": 3,
    "ImagingFrequency": 123.178,
    "Manufacturer": "Siemens",
    "ManufacturersModelName": "TrioTim",
    "InstitutionName": "SNUBIC",
    "InstitutionalDepartmentName": "Department",
    "InstitutionAddress": "kwanakro_599_C4F276_Seoul_KR_ZIP",
    "DeviceSerialNumber": "35422",
    "StationName": "MRC35422",
    "PatientPosition": "HFS",
    "ProcedureStepDescription": "SNU_SAVED",
    "SoftwareVersions": "syngo_MR_B17",
    "MRAcquisitionType": "2D",
    "SeriesDescription": "TASK_MB4_LR_SBRef_108",
    "ProtocolName": "TASK_MB4_LR_SBRef_108",
    "ScanningSequence": "EP",
    "SequenceVariant": "SK_SS",
    "ScanOptions": "FS",
    "SequenceName": "epfid2d1_110",
    "ImageType": [
        "ORIGINAL",
        "PRIMARY",
        "FMRI",
        "NONE",
        "MB",
        "ND",
        "MOSAIC"
    ],
    "SeriesNumber": 10,
    "AcquisitionTime": "10:28:22.372500",
    "AcquisitionNumber": 1,
    "ImageComments": "Unaliased_MB4_PE4_LB",
    "SliceThickness": 2.3,
    "SpacingBetweenSlices": 2.3,
    "SAR": 0.0980435,
    "EchoTime": 0.03,
    "RepetitionTime": 2,
    "FlipAngle": 77,
    "PartialFourier": 1,
    "BaseResolution": 110,
    "ShimSetting": [
        -4197,
        -29754,
        -2077,
        407,
        -187,
        432,
        322,
        -9
    ],
    "TxRefAmp": 334.645,
    "PhaseResolution": 1,
    "ReceiveCoilName": "32Ch_Head",
    "CoilString": "C:HEA;HEP",
    "PulseSequenceDetails": "%CustomerSeq%_cmrr_mbep2d_bold",
    "RefLinesPE": 32,
    "MultibandAccelerationFactor": 4,
    "PercentPhaseFOV": 100,
    "PercentSampling": 100,
    "PhaseEncodingSteps": 110,
    "AcquisitionMatrixPE": 110,
    "ReconMatrixPE": 110,
    "BandwidthPerPixelPhaseEncode": 26.35,
    "ParallelReductionFactorInPlane": 2,
    "EffectiveEchoSpacing": 0.000345006,
    "DerivedVendorReportedEchoSpacing": 0.000690012,
    "TotalReadoutTime": 0.0376057,
    "PixelBandwidth": 1748,
    "DwellTime": 2.6e-06,
    "PhaseEncodingDirection": "j",
    "SliceTiming": [
        0,
        0.8775,
        1.7575,
        0.6275,
        1.505,
        0.3775,
        1.255,
        0.125,
        1.005,
        1.8825,
        0.7525,
        1.6325,
        0.5025,
        1.38,
        0.2525,
        1.13,
        0,
        0.8775,
        1.7575,
        0.6275,
        1.505,
        0.3775,
        1.255,
        0.125,
        1.005,
        1.8825,
        0.7525,
        1.6325,
        0.5025,
        1.38,
        0.2525,
        1.13,
        0,
        0.8775,
        1.7575,
        0.6275,
        1.505,
        0.3775,
        1.255,
        0.125,
        1.005,
        1.8825,
        0.7525,
        1.6325,
        0.5025,
        1.38,
        0.2525,
        1.13,
        0,
        0.8775,
        1.7575,
        0.6275,
        1.505,
        0.3775,
        1.255,
        0.125,
        1.005,
        1.8825,
        0.7525,
        1.6325,
        0.5025,
        1.38,
        0.2525,
        1.13
    ],
    "ImageOrientationPatientDICOM": [
        0.999585,
        -0.00545144,
        -0.0283007,
        -4.60123e-08,
        0.981948,
        -0.18915
    ],
    "InPlanePhaseEncodingDirectionDICOM": "COL",
    "ConversionSoftware": "dcm2niix",
    "ConversionSoftwareVersion": "v1.0.20200331",
    "TaskName": "Retino"
}