{
	"Modality": "MR",
	"MagneticFieldStrength": 3,
	"ImagingFrequency": 123.177,
	"Manufacturer": "Siemens",
	"ManufacturersModelName": "TrioTim",
	"InstitutionName": "SNUBIC",
	"InstitutionalDepartmentName": "Department",
	"InstitutionAddress": "kwanakro_599_C6F879_Seoul_KR_ZIP",
	"DeviceSerialNumber": "35422",
	"StationName": "MRC35422",
	"PatientPosition": "HFS",
	"ProcedureStepDescription": "SNU_SAVED",
	"SoftwareVersions": "syngo_MR_B17",
	"MRAcquisitionType": "3D",
	"SeriesDescription": "T2",
	"ProtocolName": "T2",
	"ScanningSequence": "SE",
	"SequenceVariant": "SK_SP",
	"ScanOptions": "PFP",
	"SequenceName": "_spc3d1_354ns",
	"ImageType": ["ORIGINAL", "PRIMARY", "M", "ND", "NORM"],
	"SeriesNumber": 3,
	"AcquisitionTime": "10:13:12.385000",
	"AcquisitionNumber": 1,
	"SliceThickness": 0.85,
	"SAR": 0.257153,
	"EchoTime": 0.565,
	"RepetitionTime": 3.2,
	"FlipAngle": 120,
	"PartialFourier": 1,
	"BaseResolution": 320,
	"ShimSetting": [
		-4162,
		-29766,
		-2076,
		575,
		-49,
		289,
		-316,
		-62	],
	"TxRefAmp": 335.498,
	"PhaseResolution": 1.00625,
	"ReceiveCoilName": "32Ch_Head",
	"CoilString": "C:HEA;HEP",
	"PulseSequenceDetails": "%SiemensSeq%_tse_vfl",
	"RefLinesPE": 32,
	"PercentPhaseFOV": 100,
	"PercentSampling": 100.625,
	"EchoTrainLength": 177,
	"PhaseEncodingSteps": 304,
	"AcquisitionMatrixPE": 322,
	"ReconMatrixPE": 320,
	"ParallelReductionFactorInPlane": 2,
	"PixelBandwidth": 744,
	"DwellTime": 2.1e-06,
	"PhaseEncodingDirection": "i",
	"ImageOrientationPatientDICOM": [
		-0.036727,
		0.999325,
		-5.78567e-08,
		0.0157803,
		0.000579895,
		-0.999875	],
	"InPlanePhaseEncodingDirectionDICOM": "ROW",
	"ConversionSoftware": "dcm2niix",
	"ConversionSoftwareVersion": "v1.0.20200331"
}
