{
    "Modality": "MR",
    "MagneticFieldStrength": 3,
    "ImagingFrequency": 123.177,
    "Manufacturer": "Siemens",
    "ManufacturersModelName": "TrioTim",
    "InstitutionName": "SNUBIC",
    "InstitutionalDepartmentName": "Department",
    "InstitutionAddress": "kwanakro_599_C6F879_Seoul_KR_ZIP",
    "DeviceSerialNumber": "35422",
    "StationName": "MRC35422",
    "PatientPosition": "HFS",
    "ProcedureStepDescription": "SNU_SAVED",
    "SoftwareVersions": "syngo_MR_B17",
    "MRAcquisitionType": "2D",
    "SeriesDescription": "REST_MB4_LR_SBRef",
    "ProtocolName": "REST_MB4_LR_SBRef",
    "ScanningSequence": "EP",
    "SequenceVariant": "SK_SS",
    "ScanOptions": "FS",
    "SequenceName": "epfid2d1_110",
    "ImageType": [
        "ORIGINAL",
        "PRIMARY",
        "FMRI",
        "NONE",
        "MB",
        "ND",
        "MOSAIC"
    ],
    "SeriesNumber": 5,
    "AcquisitionTime": "13:07:57.652500",
    "AcquisitionNumber": 1,
    "ImageComments": "Unaliased_MB4_PE4_LB",
    "SliceThickness": 2.3,
    "SpacingBetweenSlices": 2.3,
    "SAR": 0.126014,
    "EchoTime": 0.03,
    "RepetitionTime": 1.5,
    "FlipAngle": 85,
    "PartialFourier": 1,
    "BaseResolution": 110,
    "ShimSetting": [
        -4107,
        -29870,
        -2220,
        642,
        11,
        135,
        -69,
        13
    ],
    "TxRefAmp": 317.07,
    "PhaseResolution": 1,
    "ReceiveCoilName": "32Ch_Head",
    "CoilString": "C:HEA;HEP",
    "PulseSequenceDetails": "%CustomerSeq%_cmrr_mbep2d_bold",
    "RefLinesPE": 32,
    "MultibandAccelerationFactor": 4,
    "PercentPhaseFOV": 100,
    "PercentSampling": 100,
    "PhaseEncodingSteps": 110,
    "AcquisitionMatrixPE": 110,
    "ReconMatrixPE": 110,
    "BandwidthPerPixelPhaseEncode": 26.35,
    "ParallelReductionFactorInPlane": 2,
    "EffectiveEchoSpacing": 0.000345006,
    "DerivedVendorReportedEchoSpacing": 0.000690012,
    "TotalReadoutTime": 0.0376057,
    "PixelBandwidth": 1748,
    "DwellTime": 2.6e-06,
    "PhaseEncodingDirection": "i-",
    "SliceTiming": [
        0,
        0.6575,
        1.3175,
        0.47,
        1.1275,
        0.2825,
        0.94,
        0.0925,
        0.7525,
        1.41,
        0.565,
        1.2225,
        0.375,
        1.035,
        0.1875,
        0.8475,
        0,
        0.6575,
        1.3175,
        0.47,
        1.1275,
        0.2825,
        0.94,
        0.0925,
        0.7525,
        1.41,
        0.565,
        1.2225,
        0.375,
        1.035,
        0.1875,
        0.8475,
        0,
        0.6575,
        1.3175,
        0.47,
        1.1275,
        0.2825,
        0.94,
        0.0925,
        0.7525,
        1.41,
        0.565,
        1.2225,
        0.375,
        1.035,
        0.1875,
        0.8475,
        0,
        0.6575,
        1.3175,
        0.47,
        1.1275,
        0.2825,
        0.94,
        0.0925,
        0.7525,
        1.41,
        0.565,
        1.2225,
        0.375,
        1.035,
        0.1875,
        0.8475
    ],
    "ImageOrientationPatientDICOM": [
        0.999925,
        -0.00198339,
        -0.0121102,
        2.31147e-10,
        0.986852,
        -0.161625
    ],
    "InPlanePhaseEncodingDirectionDICOM": "ROW",
    "ConversionSoftware": "dcm2niix",
    "ConversionSoftwareVersion": "v1.0.20200331",
    "TaskName": "Resting"
}