{"Modality": "MR", "MagneticFieldStrength": 3, "ImagingFrequency": 123.177, "Manufacturer": "Siemens", "ManufacturersModelName": "TrioTim", "InstitutionName": "SNUBIC", "InstitutionalDepartmentName": "Department", "InstitutionAddress": "kwanakro_599_C4F276_Seoul_KR_ZIP", "DeviceSerialNumber": "35422", "StationName": "MRC35422", "PatientPosition": "HFS", "ProcedureStepDescription": "SNU_SAVED", "SoftwareVersions": "syngo_MR_B17", "MRAcquisitionType": "2D", "SeriesDescription": "REST_MB1_BLIP_RL", "ProtocolName": "REST_MB1_BLIP_RL", "ScanningSequence": "EP", "SequenceVariant": "SK_SS", "ScanOptions": "FS", "SequenceName": "epfid2d1_110", "ImageType": ["ORIGINAL", "PRIMARY", "M", "ND", "MOSAIC"], "SeriesNumber": 10, "AcquisitionTime": "11:16:52.665000", "AcquisitionNumber": 1, "SliceThickness": 2.3, "SpacingBetweenSlices": 2.3, "SAR": 0.187784, "EchoTime": 0.03, "RepetitionTime": 4.12, "FlipAngle": 85, "PartialFourier": 1, "BaseResolution": 110, "ShimSetting": [-4127, -29624, -1984, 963, 108, 519, -123, -77], "TxRefAmp": 318.992, "PhaseResolution": 1, "ReceiveCoilName": "32Ch_Head", "CoilString": "C:HEA;HEP", "PulseSequenceDetails": "%CustomerSeq%_cmrr_mbep2d_bold", "RefLinesPE": 32, "PercentPhaseFOV": 100, "PhaseEncodingSteps": 110, "AcquisitionMatrixPE": 110, "ReconMatrixPE": 110, "BandwidthPerPixelPhaseEncode": 26.35, "ParallelReductionFactorInPlane": 2, "EffectiveEchoSpacing": 0.000345006, "DerivedVendorReportedEchoSpacing": 0.000690012, "TotalReadoutTime": 0.0376057, "PixelBandwidth": 1748, "DwellTime": 2.6e-06, "PhaseEncodingDirection": "j-", "SliceTiming": [2.0675, 0, 2.1325, 0.0625, 2.195, 0.1275, 2.26, 0.1925, 2.325, 0.2575, 2.39, 0.3225, 2.455, 0.3875, 2.52, 0.4525, 2.585, 0.515, 2.6475, 0.58, 2.7125, 0.645, 2.7775, 0.71, 2.8425, 0.775, 2.9075, 0.84, 2.9725, 0.9025, 3.035, 0.9675, 3.1, 1.0325, 3.165, 1.0975, 3.23, 1.1625, 3.295, 1.2275, 3.36, 1.2925, 3.425, 1.355, 3.4875, 1.42, 3.5525, 1.485, 3.6175, 1.55, 3.6825, 1.615, 3.7475, 1.68, 3.8125, 1.7425, 3.875, 1.8075, 3.94, 1.8725, 4.005, 1.9375, 4.07, 2.0025], "ImageOrientationPatientDICOM": [0.999994, 0.000279001, 0.0034682, 4.56059e-08, 0.996779, -0.0801994], "InPlanePhaseEncodingDirectionDICOM": "COL", "ConversionSoftware": "dcm2niix", "ConversionSoftwareVersion": "v1.0.20190902", "TaskName": "Resting"}