{
	"Modality": "MR",
	"MagneticFieldStrength": 3,
	"ImagingFrequency": 123.2,
	"Manufacturer": "Siemens",
	"ManufacturersModelName": "TrioTim",
	"InstitutionName": "SNUBIC",
	"InstitutionalDepartmentName": "Department",
	"InstitutionAddress": "kwanakro_599_C4F276_Seoul_KR_ZIP",
	"DeviceSerialNumber": "35422",
	"StationName": "MRC35422",
	"PatientPosition": "HFS",
	"ProcedureStepDescription": "SNU_SAVED",
	"SoftwareVersions": "syngo_MR_B17",
	"MRAcquisitionType": "3D",
	"SeriesDescription": "T1",
	"ProtocolName": "T1",
	"ScanningSequence": "GR_IR",
	"SequenceVariant": "SP_MP",
	"ScanOptions": "IR_WE",
	"SequenceName": "_tfl3d1_ns",
	"ImageType": ["ORIGINAL", "PRIMARY", "M", "ND", "NORM"],
	"SeriesNumber": 2,
	"AcquisitionTime": "17:12:11.777500",
	"AcquisitionNumber": 1,
	"SliceThickness": 0.85,
	"SAR": 0.0685494,
	"EchoTime": 0.00219,
	"RepetitionTime": 2.4,
	"InversionTime": 1,
	"FlipAngle": 8,
	"PartialFourier": 1,
	"BaseResolution": 320,
	"ShimSetting": [
		-4109,
		-30046,
		-2004,
		-537,
		-1,
		-462,
		-506,
		-534	],
	"TxRefAmp": 315.742,
	"PhaseResolution": 1,
	"ReceiveCoilName": "32Ch_Head",
	"CoilString": "C:HEA;HEP",
	"PulseSequenceDetails": "%SiemensSeq%_tfl",
	"RefLinesPE": 32,
	"PercentPhaseFOV": 100,
	"PhaseEncodingSteps": 319,
	"AcquisitionMatrixPE": 320,
	"ReconMatrixPE": 320,
	"ParallelReductionFactorInPlane": 2,
	"PixelBandwidth": 211,
	"DwellTime": 7.4e-06,
	"ImageOrientationPatientDICOM": [
		-0.0122949,
		0.999924,
		7.14699e-09,
		0.0489292,
		0.000601629,
		-0.998802	],
	"InPlanePhaseEncodingDirectionDICOM": "ROW",
	"ConversionSoftware": "dcm2niix",
	"ConversionSoftwareVersion": "v1.0.20190902"
}
