{"Modality": "MR", "MagneticFieldStrength": 3, "ImagingFrequency": 123.178, "Manufacturer": "Siemens", "ManufacturersModelName": "TrioTim", "InstitutionName": "SNUBIC", "InstitutionalDepartmentName": "Department", "InstitutionAddress": "kwanakro_599_C4F276_Seoul_KR_ZIP", "DeviceSerialNumber": "35422", "StationName": "MRC35422", "PatientPosition": "HFS", "ProcedureStepDescription": "SNU_SAVED", "SoftwareVersions": "syngo_MR_B17", "MRAcquisitionType": "2D", "SeriesDescription": "REST_MB1_BLIP_RL", "ProtocolName": "REST_MB1_BLIP_RL", "ScanningSequence": "EP", "SequenceVariant": "SK_SS", "ScanOptions": "FS", "SequenceName": "epfid2d1_110", "ImageType": ["ORIGINAL", "PRIMARY", "M", "ND", "MOSAIC"], "SeriesNumber": 10, "AcquisitionTime": "14:20:46.507500", "AcquisitionNumber": 1, "SliceThickness": 2.3, "SpacingBetweenSlices": 2.3, "SAR": 0.152474, "EchoTime": 0.03, "RepetitionTime": 4.12, "FlipAngle": 85, "PartialFourier": 1, "BaseResolution": 110, "ShimSetting": [-4206, -29777, -2253, 418, -297, 242, -128, -46], "TxRefAmp": 297.492, "PhaseResolution": 1, "ReceiveCoilName": "32Ch_Head", "CoilString": "C:HEA;HEP", "PulseSequenceDetails": "%CustomerSeq%_cmrr_mbep2d_bold", "RefLinesPE": 32, "PercentPhaseFOV": 100, "PhaseEncodingSteps": 110, "AcquisitionMatrixPE": 110, "ReconMatrixPE": 110, "BandwidthPerPixelPhaseEncode": 26.35, "ParallelReductionFactorInPlane": 2, "EffectiveEchoSpacing": 0.000345006, "DerivedVendorReportedEchoSpacing": 0.000690012, "TotalReadoutTime": 0.0376057, "PixelBandwidth": 1748, "DwellTime": 2.6e-06, "PhaseEncodingDirection": "j-", "SliceTiming": [2.0675, 0, 2.1325, 0.065, 2.1975, 0.13, 2.2625, 0.195, 2.3275, 0.26, 2.3925, 0.3225, 2.455, 0.3875, 2.52, 0.4525, 2.585, 0.5175, 2.65, 0.5825, 2.715, 0.6475, 2.78, 0.71, 2.8425, 0.775, 2.9075, 0.84, 2.9725, 0.905, 3.0375, 0.97, 3.1025, 1.035, 3.1675, 1.1, 3.2325, 1.1625, 3.295, 1.2275, 3.36, 1.2925, 3.425, 1.3575, 3.49, 1.4225, 3.555, 1.4875, 3.62, 1.5525, 3.6825, 1.615, 3.7475, 1.68, 3.8125, 1.745, 3.8775, 1.81, 3.9425, 1.875, 4.0075, 1.94, 4.0725, 2.0025], "ImageOrientationPatientDICOM": [0.999964, -0.00140132, -0.00837426, 2.44127e-08, 0.986287, -0.165039], "InPlanePhaseEncodingDirectionDICOM": "COL", "ConversionSoftware": "dcm2niix", "ConversionSoftwareVersion": "v1.0.20190902", "TaskName": "Resting"}